GEM
  remote: https://rubygems.org/
  specs:
    http_accept_language (2.0.5)
    i18n (0.7.0)

PLATFORMS
  ruby

DEPENDENCIES
  http_accept_language
  i18n

BUNDLED WITH
   1.10.6
